GEM
  remote: https://rubygems.org/
  specs:
    activesupport (4.2.6)
      i18n (~> 0.7)
      json (~> 1.7, >= 1.7.7)
      minitest (~> 5.1)
      thread_safe (~> 0.3, >= 0.3.4)
      tzinfo (~> 1.1)
    attributor (5.0.2)
      activesupport (>= 3)
      hashie (~> 3)
      randexp (~> 0)
    diff-lcs (1.2.5)
    harness (2.0.0)
      statsd-ruby
    hashie (3.4.4)
    i18n (0.7.0)
    json (1.8.3)
    mime (0.4.3)
    minitest (5.9.0)
    mustermann (0.4.0)
      tool (~> 0.2)
    praxis (0.20.1)
      activesupport (>= 3)
      attributor (~> 5.0.2)
      harness (~> 2)
      mime (~> 0)
      mustermann (~> 0)
      praxis-blueprints (~> 3.2)
      praxis-mapper (~> 4.2)
      rack (~> 1)
      terminal-table (~> 1.4)
      thor (~> 0.18)
    praxis-blueprints (3.2)
      activesupport (>= 3)
      attributor (>= 5.0.2)
      randexp (~> 0)
    praxis-mapper (4.2)
      activesupport (>= 3)
      randexp (~> 0)
      sequel (~> 4)
    rack (1.6.4)
    rake (11.2.2)
    randexp (0.1.7)
    rspec (3.4.0)
      rspec-core (~> 3.4.0)
      rspec-expectations (~> 3.4.0)
      rspec-mocks (~> 3.4.0)
    rspec-core (3.4.4)
      rspec-support (~> 3.4.0)
    rspec-expectations (3.4.0)
      diff-lcs (>= 1.2.0, < 2.0)
      rspec-support (~> 3.4.0)
    rspec-mocks (3.4.1)
      diff-lcs (>= 1.2.0, < 2.0)
      rspec-support (~> 3.4.0)
    rspec-support (3.4.1)
    sequel (4.35.0)
    statsd-ruby (1.3.0)
    terminal-table (1.6.0)
    thor (0.19.1)
    thread_safe (0.3.5)
    tool (0.2.3)
    tzinfo (1.2.2)
      thread_safe (~> 0.1)

PLATFORMS
  ruby

DEPENDENCIES
  praxis
  rack (~> 1.0)
  rake
  rspec

BUNDLED WITH
   1.12.5
